GEM
  remote: http://rubygems.org/
  specs:
    activesupport (3.2.3)
      i18n (~> 0.6)
      multi_json (~> 1.0)
    connection_pool (2.2.4)
    diff-lcs (1.1.3)
    domain_name (0.5.20190701)
      unf (>= 0.0.5, < 1.0.0)
    fakeweb (1.3.0)
    git (1.2.5)
    http-cookie (1.0.3)
      domain_name (~> 0.5)
    i18n (0.6.0)
    jeweler (1.8.3)
      bundler (~> 1.0)
      git (>= 1.2.5)
      rake
      rdoc
    json (1.7.3)
    mechanize (2.7.7)
      domain_name (~> 0.5, >= 0.5.1)
      http-cookie (~> 1.0)
      mime-types (>= 1.17.2)
      net-http-digest_auth (~> 1.1, >= 1.1.1)
      net-http-persistent (>= 2.5.2)
      nokogiri (~> 1.6)
      ntlm-http (~> 0.1, >= 0.1.1)
      webrick (~> 1.7)
      webrobots (>= 0.0.9, < 0.2)
    mime-types (3.3.1)
      mime-types-data (~> 3.2015)
    mime-types-data (3.2021.0225)
    mini_portile2 (2.5.0)
    multi_json (1.3.5)
    net-http-digest_auth (1.4.1)
    net-http-persistent (4.0.1)
      connection_pool (~> 2.2)
    nokogiri (1.11.3)
      mini_portile2 (~> 2.5.0)
      racc (~> 1.4)
    ntlm-http (0.1.1)
    racc (1.5.2)
    rake (0.9.2.2)
    rdoc (3.12)
      json (~> 1.4)
    rest-client (1.6.7)
      mime-types (>= 1.16)
    rspec (2.10.0)
      rspec-core (~> 2.10.0)
      rspec-expectations (~> 2.10.0)
      rspec-mocks (~> 2.10.0)
    rspec-core (2.10.1)
    rspec-expectations (2.10.0)
      diff-lcs (~> 1.1.3)
    rspec-mocks (2.10.1)
    unf (0.1.4)
      unf_ext
    unf_ext (0.0.7.7)
    vcr (2.1.1)
    webrick (1.7.0)
    webrobots (0.1.2)
    yard (0.8.1)

PLATFORMS
  ruby

DEPENDENCIES
  activesupport
  bundler
  fakeweb
  jeweler
  mechanize
  rake
  rest-client
  rspec
  vcr
  yard
